GEM
  remote: https://rubygems.org/
  specs:
    activesupport (4.2.6)
      i18n (~> 0.7)
      json (~> 1.7, >= 1.7.7)
      minitest (~> 5.1)
      thread_safe (~> 0.3, >= 0.3.4)
      tzinfo (~> 1.1)
    addressable (2.4.0)
    artii (2.1.1)
    aws-sdk (2.2.25)
      aws-sdk-resources (= 2.2.25)
    aws-sdk-core (2.2.25)
      jmespath (~> 1.0)
    aws-sdk-resources (2.2.25)
      aws-sdk-core (= 2.2.25)
    colorize (0.7.7)
    crack (0.1.8)
    diff-lcs (1.2.5)
    dotenv (2.1.0)
    eventmachine (1.0.9.1)
    excon (0.48.0)
    faraday (0.9.2)
      multipart-post (>= 1.2, < 3)
    hashie (2.1.2)
    httparty (0.11.0)
      multi_json (~> 1.0)
      multi_xml (>= 0.5.2)
    i18n (0.7.0)
    image_suckr (0.2.0)
    jiralicious (0.5.0)
      crack (~> 0.1.8)
      hashie (>= 1.1, < 3.0.0)
      httparty (>= 0.10, < 0.12.0)
      json (>= 1.6, < 1.9.0)
      nokogiri (< 1.6)
      oauth
    jmespath (1.1.3)
    json (1.8.3)
    logger (1.2.8)
    minitest (5.8.4)
    multi_json (1.11.2)
    multi_xml (0.5.5)
    multipart-post (2.0.0)
    nokogiri (1.5.11)
    oauth (0.5.1)
    octokit (4.3.0)
      sawyer (~> 0.7.0, >= 0.5.3)
    proxies (0.2.1)
    rake (11.0.1)
    redis (3.2.2)
    redis-namespace (1.5.2)
      redis (~> 3.0, >= 3.0.4)
    rspec (3.4.0)
      rspec-core (~> 3.4.0)
      rspec-expectations (~> 3.4.0)
      rspec-mocks (~> 3.4.0)
    rspec-core (3.4.4)
      rspec-support (~> 3.4.0)
    rspec-expectations (3.4.0)
      diff-lcs (>= 1.2.0, < 2.0)
      rspec-support (~> 3.4.0)
    rspec-mocks (3.4.1)
      diff-lcs (>= 1.2.0, < 2.0)
      rspec-support (~> 3.4.0)
    rspec-support (3.4.1)
    s3 (0.3.24)
      proxies (~> 0.2.0)
    sawyer (0.7.0)
      addressable (>= 2.3.5, < 2.5)
      faraday (~> 0.8, < 0.10)
    terminal-table (1.5.2)
    thread_safe (0.3.5)
    timecop (0.8.0)
    timerizer (0.1.4)
    tzinfo (1.2.2)
      thread_safe (~> 0.1)
    webmock (1.9.0)
      addressable (>= 2.2.7)
      crack (>= 0.1.7)
    websocket (1.2.2)
    websocket-eventmachine-base (1.2.0)
      eventmachine (~> 1.0)
      websocket (~> 1.0)
      websocket-native (~> 1.0)
    websocket-eventmachine-client (1.1.0)
      websocket-eventmachine-base (~> 1.0)
    websocket-native (1.0.0)

PLATFORMS
  ruby

DEPENDENCIES
  activesupport
  artii
  aws-sdk
  colorize
  dotenv
  excon
  image_suckr
  jiralicious
  json
  logger
  octokit
  rake
  redis
  redis-namespace
  rspec
  s3
  terminal-table
  timecop
  timerizer
  webmock
  websocket-eventmachine-client

BUNDLED WITH
   1.11.2
