GEM
  remote: https://rubygems.org/
  specs:
    activesupport (4.2.1)
      i18n (~> 0.7)
      json (~> 1.7, >= 1.7.7)
      minitest (~> 5.1)
      thread_safe (~> 0.3, >= 0.3.4)
      tzinfo (~> 1.1)
    addressable (2.3.8)
    artii (2.0.4)
    aws-sdk (1.54.0)
      aws-sdk-v1 (= 1.54.0)
    aws-sdk-v1 (1.54.0)
      json (~> 1.4)
      nokogiri (>= 1.4.4)
    colorize (0.7.5)
    crack (0.1.8)
    diff-lcs (1.2.5)
    dotenv (1.0.2)
    eventmachine (1.0.7)
    excon (0.39.6)
    faraday (0.9.0)
      multipart-post (>= 1.2, < 3)
    hashie (2.1.2)
    httparty (0.11.0)
      multi_json (~> 1.0)
      multi_xml (>= 0.5.2)
    i18n (0.7.0)
    image_suckr (0.2.0)
    jiralicious (0.5.0)
      crack (~> 0.1.8)
      hashie (>= 1.1, < 3.0.0)
      httparty (>= 0.10, < 0.12.0)
      json (>= 1.6, < 1.9.0)
      nokogiri (< 1.6)
      oauth
    json (1.8.1)
    minitest (5.5.1)
    multi_json (1.11.0)
    multi_xml (0.5.5)
    multipart-post (2.0.0)
    nokogiri (1.5.11)
    oauth (0.4.7)
    octokit (2.0.0)
      sawyer (~> 0.3.0)
    proxies (0.2.1)
    rake (10.3.2)
    redis (3.1.0)
    redis-namespace (1.5.1)
      redis (~> 3.0, >= 3.0.4)
    rspec (3.0.0)
      rspec-core (~> 3.0.0)
      rspec-expectations (~> 3.0.0)
      rspec-mocks (~> 3.0.0)
    rspec-core (3.0.4)
      rspec-support (~> 3.0.0)
    rspec-expectations (3.0.4)
      diff-lcs (>= 1.2.0, < 2.0)
      rspec-support (~> 3.0.0)
    rspec-mocks (3.0.4)
      rspec-support (~> 3.0.0)
    rspec-support (3.0.4)
    s3 (0.3.23)
      proxies (~> 0.2.0)
    sawyer (0.3.0)
      faraday (~> 0.8, < 0.10)
      uri_template (~> 0.5.0)
    terminal-table (1.4.5)
    thread_safe (0.3.5)
    timecop (0.8.0)
    timerizer (0.1.4)
    tzinfo (1.2.2)
      thread_safe (~> 0.1)
    uri_template (0.5.3)
    webmock (1.9.0)
      addressable (>= 2.2.7)
      crack (>= 0.1.7)
    websocket (1.2.1)
    websocket-eventmachine-base (1.1.0)
      eventmachine (~> 1.0)
      websocket (~> 1.0)
      websocket-native (~> 1.0)
    websocket-eventmachine-client (1.1.0)
      websocket-eventmachine-base (~> 1.0)
    websocket-native (1.0.0)

PLATFORMS
  ruby

DEPENDENCIES
  activesupport
  artii
  aws-sdk
  colorize
  dotenv
  excon
  image_suckr
  jiralicious
  json
  octokit
  rake
  redis
  redis-namespace
  rspec
  s3
  terminal-table
  timecop
  timerizer
  webmock
  websocket-eventmachine-client
